GEM
  remote: https://rubygems.org/
  specs:
    russian_obscenity (0.0.1)
    trollop (2.1.3)

PLATFORMS
  ruby

DEPENDENCIES
  russian_obscenity
  trollop

BUNDLED WITH
   1.16.2
