GEM
  remote: http://rubygems.org/
  specs:
    commander (4.4.5)
      highline (~> 1.7.2)
    highline (1.7.10)
    terminal-table (1.8.0)
      unicode-display_width (~> 1.1, >= 1.1.1)
    unicode-display_width (1.4.0)

PLATFORMS
  ruby

DEPENDENCIES
  commander
  terminal-table

BUNDLED WITH
   1.16.2
